PATH
  remote: .
  specs:
    yabeda-anycable (0.1.0)
      anycable-core (~> 1.1)
      yabeda (~> 0.10)

GEM
  remote: https://rubygems.org/
  specs:
    anycable-core (1.1.1)
      anyway_config (>= 2.1.0)
      google-protobuf (>= 3.13)
    anyway_config (2.1.0)
      ruby-next-core (>= 0.11.0)
    ast (2.4.2)
    byebug (11.1.3)
    coderay (1.1.3)
    concurrent-ruby (1.1.9)
    diff-lcs (1.4.4)
    dry-initializer (3.0.4)
    google-protobuf (3.17.3-x86_64-linux)
    method_source (1.0.0)
    parallel (1.20.1)
    parser (3.0.2.0)
      ast (~> 2.4.1)
    pry (0.14.1)
      coderay (~> 1.1)
      method_source (~> 1.0)
    pry-byebug (3.8.0)
      byebug (~> 11.0)
      pry (~> 0.10)
    pry-doc (1.1.0)
      pry (~> 0.11)
      yard (~> 0.9.11)
    rainbow (3.0.0)
    rake (13.0.6)
    regexp_parser (2.1.1)
    rexml (3.2.5)
    rspec (3.10.0)
      rspec-core (~> 3.10.0)
      rspec-expectations (~> 3.10.0)
      rspec-mocks (~> 3.10.0)
    rspec-core (3.10.1)
      rspec-support (~> 3.10.0)
    rspec-expectations (3.10.1)
      diff-lcs (>= 1.2.0, < 2.0)
      rspec-support (~> 3.10.0)
    rspec-mocks (3.10.2)
      diff-lcs (>= 1.2.0, < 2.0)
      rspec-support (~> 3.10.0)
    rspec-support (3.10.2)
    rubocop (1.18.3)
      parallel (~> 1.10)
      parser (>= 3.0.0.0)
      rainbow (>= 2.2.2, < 4.0)
      regexp_parser (>= 1.8, < 3.0)
      rexml
      rubocop-ast (>= 1.7.0, < 2.0)
      ruby-progressbar (~> 1.7)
      unicode-display_width (>= 1.4.0, < 3.0)
    rubocop-ast (1.8.0)
      parser (>= 3.0.1.1)
    ruby-next-core (0.12.0)
    ruby-progressbar (1.11.0)
    unicode-display_width (2.0.0)
    yabeda (0.10.0)
      anyway_config (>= 1.3, < 3)
      concurrent-ruby
      dry-initializer
    yard (0.9.26)

PLATFORMS
  x86_64-linux

DEPENDENCIES
  pry
  pry-byebug
  pry-doc
  rake (~> 13.0)
  rspec (~> 3.0)
  rubocop (~> 1.7)
  yabeda-anycable!

BUNDLED WITH
   2.2.24
